GIT
  remote: git://github.com/circleci/rspec_junit_formatter.git
  revision: 7b098c8ab2ac5e5f78190b51629ed6d67a9de4d1
  specs:
    rspec_junit_formatter (0.2.0)
      builder (< 4)
      rspec (>= 2, < 4)
      rspec-core (!= 2.12.0)

GEM
  remote: https://rubygems.org/
  specs:
    CFPropertyList (2.3.0)
    actionmailer (4.2.0)
      actionpack (= 4.2.0)
      actionview (= 4.2.0)
      activejob (= 4.2.0)
      mail (~> 2.5, >= 2.5.4)
      rails-dom-testing (~> 1.0, >= 1.0.5)
    actionpack (4.2.0)
      actionview (= 4.2.0)
      activesupport (= 4.2.0)
      rack (~> 1.6.0)
      rack-test (~> 0.6.2)
      rails-dom-testing (~> 1.0, >= 1.0.5)
      rails-html-sanitizer (~> 1.0, >= 1.0.1)
    actionview (4.2.0)
      activesupport (= 4.2.0)
      builder (~> 3.1)
      erubis (~> 2.7.0)
      rails-dom-testing (~> 1.0, >= 1.0.5)
      rails-html-sanitizer (~> 1.0, >= 1.0.1)
    activejob (4.2.0)
      activesupport (= 4.2.0)
      globalid (>= 0.3.0)
    activemodel (4.2.0)
      activesupport (= 4.2.0)
      builder (~> 3.1)
    activerecord (4.2.0)
      activemodel (= 4.2.0)
      activesupport (= 4.2.0)
      arel (~> 6.0)
    activesupport (4.2.0)
      i18n (~> 0.7)
      json (~> 1.7, >= 1.7.7)
      minitest (~> 5.1)
      thread_safe (~> 0.3, >= 0.3.4)
      tzinfo (~> 1.1)
    arel (6.0.0)
    autoprefixer-rails (5.1.7)
      execjs
      json
    bcrypt (3.1.10)
    better_errors (2.1.1)
      coderay (>= 1.0.0)
      erubis (>= 2.6.6)
      rack (>= 0.9.0)
    binding_of_caller (0.7.2)
      debug_inspector (>= 0.0.1)
    bootstrap-sass (3.3.3)
      autoprefixer-rails (>= 5.0.0.1)
      sass (>= 3.2.19)
    bootstrap-will_paginate (0.0.10)
      will_paginate
    bson (2.3.0)
    builder (3.2.2)
    byebug (3.5.1)
      columnize (~> 0.8)
      debugger-linecache (~> 1.2)
      slop (~> 3.6)
    capybara (2.4.4)
      mime-types (>= 1.16)
      nokogiri (>= 1.3.3)
      rack (>= 1.0.0)
      rack-test (>= 0.5.4)
      xpath (~> 2.0)
    carrierwave (0.10.0)
      activemodel (>= 3.2.0)
      activesupport (>= 3.2.0)
      json (>= 1.7)
      mime-types (>= 1.16)
    carrierwave-mongoid (0.7.1)
      carrierwave (>= 0.8.0, < 0.11.0)
      mongoid (>= 3.0, < 5.0)
      mongoid-grid_fs (>= 1.3, < 3.0)
    cliver (0.3.2)
    coderay (1.1.0)
    coffee-rails (4.1.0)
      coffee-script (>= 2.2.0)
      railties (>= 4.0.0, < 5.0)
    coffee-script (2.3.0)
      coffee-script-source
      execjs
    coffee-script-source (1.9.1)
    columnize (0.9.0)
    connection_pool (2.1.2)
    daemons (1.1.9)
    database_cleaner (1.3.0)
    debug_inspector (0.0.2)
    debugger-linecache (1.2.0)
    diff-lcs (1.2.5)
    domain_name (0.5.23)
      unf (>= 0.0.5, < 1.0.0)
    erubis (2.7.0)
    eventmachine (1.0.7)
    excon (0.44.4)
    execjs (2.3.0)
    factory_girl (4.5.0)
      activesupport (>= 3.0.0)
    factory_girl_rails (4.5.0)
      factory_girl (~> 4.5.0)
      railties (>= 3.0.0)
    figaro (1.1.0)
      thor (~> 0.14)
    fission (0.5.0)
      CFPropertyList (~> 2.2)
    fog (1.28.0)
      fog-atmos
      fog-aws (~> 0.0)
      fog-brightbox (~> 0.4)
      fog-core (~> 1.27, >= 1.27.3)
      fog-ecloud
      fog-json
      fog-profitbricks
      fog-radosgw (>= 0.0.2)
      fog-riakcs
      fog-sakuracloud (>= 0.0.4)
      fog-serverlove
      fog-softlayer
      fog-storm_on_demand
      fog-terremark
      fog-vmfusion
      fog-voxel
      fog-xml (~> 0.1.1)
      ipaddress (~> 0.5)
      nokogiri (~> 1.5, >= 1.5.11)
    fog-atmos (0.1.0)
      fog-core
      fog-xml
    fog-aws (0.1.1)
      fog-core (~> 1.27)
      fog-json (~> 1.0)
      fog-xml (~> 0.1)
      ipaddress (~> 0.8)
    fog-brightbox (0.7.1)
      fog-core (~> 1.22)
      fog-json
      inflecto (~> 0.0.2)
    fog-core (1.29.0)
      builder
      excon (~> 0.38)
      formatador (~> 0.2)
      mime-types
      net-scp (~> 1.1)
      net-ssh (>= 2.1.3)
    fog-ecloud (0.0.2)
      fog-core
      fog-xml
    fog-json (1.0.0)
      multi_json (~> 1.0)
    fog-profitbricks (0.0.1)
      fog-core
      fog-xml
      nokogiri
    fog-radosgw (0.0.3)
      fog-core (>= 1.21.0)
      fog-json
      fog-xml (>= 0.0.1)
    fog-riakcs (0.1.0)
      fog-core
      fog-json
      fog-xml
    fog-sakuracloud (1.0.0)
      fog-core
      fog-json
    fog-serverlove (0.1.1)
      fog-core
      fog-json
    fog-softlayer (0.4.1)
      fog-core
      fog-json
    fog-storm_on_demand (0.1.0)
      fog-core
      fog-json
    fog-terremark (0.0.4)
      fog-core
      fog-xml
    fog-vmfusion (0.0.1)
      fission
      fog-core
    fog-voxel (0.0.2)
      fog-core
      fog-xml
    fog-xml (0.1.1)
      fog-core
      nokogiri (~> 1.5, >= 1.5.11)
    formatador (0.2.5)
    globalid (0.3.3)
      activesupport (>= 4.1.0)
    hike (1.2.3)
    http-cookie (1.0.2)
      domain_name (~> 0.5)
    i18n (0.7.0)
    inflecto (0.0.2)
    ipaddress (0.8.0)
    jbuilder (2.2.9)
      activesupport (>= 3.0.0, < 5)
      multi_json (~> 1.2)
    jquery-rails (4.0.3)
      rails-dom-testing (~> 1.0)
      railties (>= 4.2.0)
      thor (>= 0.14, < 2.0)
    json (1.8.2)
    loofah (2.0.1)
      nokogiri (>= 1.5.9)
    mail (2.6.3)
      mime-types (>= 1.16, < 3)
    mechanize (2.7.3)
      domain_name (~> 0.5, >= 0.5.1)
      http-cookie (~> 1.0)
      mime-types (~> 2.0)
      net-http-digest_auth (~> 1.1, >= 1.1.1)
      net-http-persistent (~> 2.5, >= 2.5.2)
      nokogiri (~> 1.4)
      ntlm-http (~> 0.1, >= 0.1.1)
      webrobots (>= 0.0.9, < 0.2)
    method_source (0.8.2)
    mime-types (2.4.3)
    mini_magick (4.1.0)
    mini_portile (0.6.2)
    minitest (5.5.1)
    mongoid (4.0.2)
      activemodel (~> 4.0)
      moped (~> 2.0.0)
      origin (~> 2.1)
      tzinfo (>= 0.3.37)
    mongoid-grid_fs (2.1.0)
      mime-types (>= 1.0, < 3.0)
      mongoid (>= 3.0, < 5.0)
    moped (2.0.4)
      bson (~> 2.2)
      connection_pool (~> 2.0)
      optionable (~> 0.2.0)
    multi_json (1.11.0)
    net-http-digest_auth (1.4)
    net-http-persistent (2.9.4)
    net-scp (1.2.1)
      net-ssh (>= 2.6.5)
    net-ssh (2.9.2)
    nokogiri (1.6.6.2)
      mini_portile (~> 0.6.0)
    ntlm-http (0.1.1)
    optionable (0.2.0)
    origin (2.1.1)
    poltergeist (1.6.0)
      capybara (~> 2.1)
      cliver (~> 0.3.1)
      multi_json (~> 1.0)
      websocket-driver (>= 0.2.0)
    pry (0.10.1)
      coderay (~> 1.1.0)
      method_source (~> 0.8.1)
      slop (~> 3.4)
    quiet_assets (1.1.0)
      railties (>= 3.1, < 5.0)
    rack (1.6.0)
    rack-test (0.6.3)
      rack (>= 1.0)
    rails (4.2.0)
      actionmailer (= 4.2.0)
      actionpack (= 4.2.0)
      actionview (= 4.2.0)
      activejob (= 4.2.0)
      activemodel (= 4.2.0)
      activerecord (= 4.2.0)
      activesupport (= 4.2.0)
      bundler (>= 1.3.0, < 2.0)
      railties (= 4.2.0)
      sprockets-rails
    rails-deprecated_sanitizer (1.0.3)
      activesupport (>= 4.2.0.alpha)
    rails-dom-testing (1.0.5)
      activesupport (>= 4.2.0.beta, < 5.0)
      nokogiri (~> 1.6.0)
      rails-deprecated_sanitizer (>= 1.0.1)
    rails-html-sanitizer (1.0.1)
      loofah (~> 2.0)
    rails_12factor (0.0.3)
      rails_serve_static_assets
      rails_stdout_logging
    rails_serve_static_assets (0.0.4)
    rails_stdout_logging (0.0.3)
    railties (4.2.0)
      actionpack (= 4.2.0)
      activesupport (= 4.2.0)
      rake (>= 0.8.7)
      thor (>= 0.18.1, < 2.0)
    rake (10.4.2)
    rdoc (4.2.0)
      json (~> 1.4)
    rmagick (2.13.4)
    rspec (3.2.0)
      rspec-core (~> 3.2.0)
      rspec-expectations (~> 3.2.0)
      rspec-mocks (~> 3.2.0)
    rspec-core (3.2.1)
      rspec-support (~> 3.2.0)
    rspec-expectations (3.2.0)
      diff-lcs (>= 1.2.0, < 2.0)
      rspec-support (~> 3.2.0)
    rspec-mocks (3.2.1)
      diff-lcs (>= 1.2.0, < 2.0)
      rspec-support (~> 3.2.0)
    rspec-rails (3.2.1)
      actionpack (>= 3.0, < 4.3)
      activesupport (>= 3.0, < 4.3)
      railties (>= 3.0, < 4.3)
      rspec-core (~> 3.2.0)
      rspec-expectations (~> 3.2.0)
      rspec-mocks (~> 3.2.0)
      rspec-support (~> 3.2.0)
    rspec-support (3.2.2)
    sass (3.4.13)
    sass-rails (5.0.1)
      railties (>= 4.0.0, < 5.0)
      sass (~> 3.1)
      sprockets (>= 2.8, < 4.0)
      sprockets-rails (>= 2.0, < 4.0)
      tilt (~> 1.1)
    sdoc (0.4.1)
      json (~> 1.7, >= 1.7.7)
      rdoc (~> 4.0)
    shoulda-matchers (2.8.0)
      activesupport (>= 3.0.0)
    slop (3.6.0)
    spring (1.3.3)
    sprockets (2.12.3)
      hike (~> 1.2)
      multi_json (~> 1.0)
      rack (~> 1.0)
      tilt (~> 1.1, != 1.3.0)
    sprockets-rails (2.2.4)
      actionpack (>= 3.0)
      activesupport (>= 3.0)
      sprockets (>= 2.8, < 4.0)
    thin (1.6.3)
      daemons (~> 1.0, >= 1.0.9)
      eventmachine (~> 1.0)
      rack (~> 1.0)
    thor (0.19.1)
    thread_safe (0.3.4)
    tilt (1.4.1)
    turbolinks (2.5.3)
      coffee-rails
    tzinfo (1.2.2)
      thread_safe (~> 0.1)
    uglifier (2.7.1)
      execjs (>= 0.3.0)
      json (>= 1.8.0)
    unf (0.1.4)
      unf_ext
    unf_ext (0.0.6)
    web-console (2.1.0)
      activemodel (>= 4.0)
      binding_of_caller (>= 0.7.2)
      railties (>= 4.0)
      sprockets-rails (>= 2.0, < 4.0)
    webrobots (0.1.1)
    websocket-driver (0.5.1)
      websocket-extensions (>= 0.1.0)
    websocket-extensions (0.1.1)
    will_paginate (3.0.7)
    will_paginate_mongoid (2.0.1)
      mongoid
      will_paginate (~> 3.0)
    xpath (2.0.0)
      nokogiri (~> 1.3)

PLATFORMS
  ruby

DEPENDENCIES
  bcrypt (~> 3.1.10)
  better_errors
  bootstrap-sass (~> 3.3.3)
  bootstrap-will_paginate
  byebug
  capybara (~> 2.4.4)
  carrierwave
  carrierwave-mongoid
  coffee-rails (~> 4.1.0)
  database_cleaner (~> 1.3.0)
  factory_girl_rails (~> 4.5.0)
  figaro
  fog
  jbuilder (~> 2.0)
  jquery-rails
  mechanize (~> 2.7.3)
  mini_magick
  mongoid (~> 4.0.2)
  poltergeist (~> 1.6.0)
  pry
  quiet_assets (~> 1.1.0)
  rails (= 4.2.0)
  rails_12factor
  rmagick (~> 2.13.4)
  rspec-rails (~> 3.2.1)
  rspec_junit_formatter!
  sass-rails (~> 5.0)
  sdoc (~> 0.4.0)
  shoulda-matchers
  spring
  thin
  turbolinks
  uglifier (>= 1.3.0)
  web-console (~> 2.0)
  will_paginate (~> 3.0.6)
  will_paginate_mongoid
